{
    "TaskName": "motor",
    "Manufacturer": "Biosemi",
    "PowerLineFrequency": "n/a",
    "SamplingFrequency": 16384.0,
    "SoftwareFilters": "n/a",
    "RecordingDuration": 556.9999389648438,
    "RecordingType": "continuous",
    "EEGReference": "n/a",
    "EEGGround": "n/a",
    "EEGPlacementScheme": "n/a",
    "EEGChannelCount": 4,
    "EOGChannelCount": 0,
    "ECGChannelCount": 0,
    "EMGChannelCount": 0,
    "MiscChannelCount": 0,
    "TriggerChannelCount": 1
}
